GEM
  remote: https://rubygems.org/
  specs:
    childprocess (0.9.0)
      ffi (~> 1.0, >= 1.0.11)
    coderay (1.1.2)
    ffi (1.9.25)
    method_source (0.9.0)
    mini_portile2 (2.3.0)
    nokogiri (1.8.2)
      mini_portile2 (~> 2.3.0)
    open_uri_redirections (0.2.1)
    pry (0.11.3)
      coderay (~> 1.1.0)
      method_source (~> 0.9.0)
    rubyzip (1.2.1)
    selenium-webdriver (3.12.0)
      childprocess (~> 0.5)
      rubyzip (~> 1.2)
    watir (6.11.0)
      selenium-webdriver (~> 3.4, >= 3.4.1)
    webdrivers (3.3.1)
      nokogiri (~> 1.6)
      rubyzip (~> 1.0)
      selenium-webdriver (~> 3.0)
    xvfb (1.0.4)

PLATFORMS
  ruby

DEPENDENCIES
  nokogiri (~> 1.8, >= 1.8.2)
  open_uri_redirections (~> 0.2.1)
  pry (~> 0.11.3)
  watir (~> 6.11)
  webdrivers (~> 3.3, >= 3.3.1)
  xvfb (~> 1.0, >= 1.0.4)

BUNDLED WITH
   1.16.2
